GIT
  remote: git://github.com/jonleighton/poltergeist.git
  revision: 1e614751181b2b8a72f70284bd42e3b24f24ae7a
  specs:
    poltergeist (1.4.0)
      capybara (~> 2.1.0)
      cliver (~> 0.2.1)
      multi_json (~> 1.0)
      websocket-driver (>= 0.2.0)

PATH
  remote: .
  specs:
    Heybill (0.0.1)
      capybara (~> 2.1.0)
      highline (~> 1.6.2)
      poltergeist (~> 1.4.0)
      thor (~> 0.18)

GEM
  remote: https://rubygems.org/
  specs:
    capybara (2.1.0)
      mime-types (>= 1.16)
      nokogiri (>= 1.3.3)
      rack (>= 1.0.0)
      rack-test (>= 0.5.4)
      xpath (~> 2.0)
    cliver (0.2.1)
    highline (1.6.19)
    mime-types (1.25)
    mini_portile (0.5.1)
    multi_json (1.7.9)
    nokogiri (1.6.0)
      mini_portile (~> 0.5.0)
    rack (1.5.2)
    rack-test (0.6.2)
      rack (>= 1.0)
    thor (0.18.1)
    websocket-driver (0.2.3)
    xpath (2.0.0)
      nokogiri (~> 1.3)

PLATFORMS
  ruby

DEPENDENCIES
  Heybill!
  poltergeist!
